GEM
  remote: http://rubygems.org/
  specs:
    addressable (2.3.4)
    bson (1.9.0)
    bson_ext (1.9.0)
      bson (~> 1.9.0)
    faraday (0.8.7)
      multipart-post (~> 1.1)
    faraday_middleware (0.9.0)
      faraday (>= 0.7.4, < 0.9)
    hashie (2.0.5)
    mongo (1.9.0)
      bson (~> 1.9.0)
    multi_json (1.7.6)
    multipart-post (1.2.0)
    netrc (0.7.7)
    octokit (1.24.0)
      addressable (~> 2.2)
      faraday (~> 0.8)
      faraday_middleware (~> 0.9)
      hashie (~> 2.0)
      multi_json (~> 1.3)
      netrc (~> 0.7.7)
    rack (1.4.5)
    rack-protection (1.5.0)
      rack
    sinatra (1.4.3)
      rack (~> 1.4)
      rack-protection (~> 1.4)
      tilt (~> 1.3, >= 1.3.4)
    tilt (1.4.1)

PLATFORMS
  ruby

DEPENDENCIES
  bson_ext
  mongo
  octokit
  sinatra
